GEM
  remote: https://rubygems.org/
  specs:
    dry-cli (1.0.0)
    open3 (0.1.2)
    pastel (0.8.0)
      tty-color (~> 0.5)
    tty-color (0.6.0)
    tty-cursor (0.7.1)
    tty-prompt (0.23.1)
      pastel (~> 0.8)
      tty-reader (~> 0.8)
    tty-reader (0.9.0)
      tty-cursor (~> 0.7)
      tty-screen (~> 0.8)
      wisper (~> 2.0)
    tty-screen (0.8.1)
    wisper (2.0.1)
    zeitwerk (2.6.12)

PLATFORMS
  arm64-darwin-22
  x86_64-darwin-21
  x86_64-darwin-22
  x86_64-linux

DEPENDENCIES
  dry-cli
  open3
  pastel
  tty-prompt
  zeitwerk (~> 2.6)

RUBY VERSION
   ruby 3.0.0p0

BUNDLED WITH
   2.4.12
