GEM
  remote: https://rubygems.org/
  specs:
    dry-cli (1.0.0)
    pastel (0.8.0)
      tty-color (~> 0.5)
    strings (0.2.1)
      strings-ansi (~> 0.2)
      unicode-display_width (>= 1.5, < 3.0)
      unicode_utils (~> 1.4)
    strings-ansi (0.2.0)
    tty-box (0.7.0)
      pastel (~> 0.8)
      strings (~> 0.2.0)
      tty-cursor (~> 0.7)
    tty-color (0.6.0)
    tty-cursor (0.7.1)
    tty-screen (0.8.1)
    tty-spinner (0.9.3)
      tty-cursor (~> 0.7)
    unicode-display_width (2.4.2)
    unicode_utils (1.4.0)

PLATFORMS
  arm64-darwin-22
  x86_64-darwin-21
  x86_64-darwin-22

DEPENDENCIES
  dry-cli
  pastel
  tty-box
  tty-screen
  tty-spinner

RUBY VERSION
   ruby 3.0.0p0

BUNDLED WITH
   2.4.12
